{
  "bids_meta": {
    "AcquisitionNumber": 1,
    "ConversionSoftware": "dcm2niix",
    "ConversionSoftwareVersion": "v1.0.20170724 (OpenJPEG build) GCC6.1.0",
    "EchoTime": 0.00221,
    "FlipAngle": 8,
    "ImageType": [
      "ORIGINAL",
      "PRIMARY",
      "M",
      "ND",
      "NORM"
    ],
    "InversionTime": 1.06,
    "MagneticFieldStrength": 3,
    "Manufacturer": "Siemens",
    "ManufacturersModelName": "TrioTim",
    "PhaseEncodingDirection": "i-",
    "PhaseEncodingLines": 300,
    "ProtocolName": "HCP_T1",
    "RepetitionTime": 2.4,
    "ScanningSequence": "GR_IR",
    "SequenceVariant": "SP_MP",
    "SeriesDescription": "HCP_T1",
    "dataset": "ds001595",
    "modality": "T1w",
    "subject_id": "1"
  },
  "cjv": 0.3989901942758453,
  "cnr": 3.3516073846889194,
  "efc": 0.608501211386619,
  "fber": 16337.708934240363,
  "fwhm_avg": 4.435567113366012,
  "fwhm_x": 4.236221340098037,
  "fwhm_y": 4.5628,
  "fwhm_z": 4.50768,
  "icvs_csf": 0.21130693284579855,
  "icvs_gm": 0.4449748829028366,
  "icvs_wm": 0.34371818425136486,
  "inu_med": 0.5083854794502258,
  "inu_range": 0.22002991437911984,
  "provenance": {
    "md5sum": "63f60749e59bbf63659bb501819e1ce3",
    "settings": {
      "testing": false
    },
    "software": "mriqc",
    "version": "22.0.6",
    "warnings": {
      "large_rot_frame": true,
      "small_air_mask": false
    },
    "webapi_port": null,
    "webapi_url": "https://mriqc.nimh.nih.gov/api/v1"
  },
  "qi_1": 0.0,
  "qi_2": 0.01266021776798362,
  "rpve_csf": 19.711121588099203,
  "rpve_gm": 9.705800674150971,
  "rpve_wm": 13.591725794472275,
  "size_x": 208,
  "size_y": 300,
  "size_z": 320,
  "snr_csf": 3.1304287370658517,
  "snr_gm": 14.595821093735212,
  "snr_total": 12.837115255107989,
  "snr_wm": 20.785095934522904,
  "snrd_csf": 36.74886633202668,
  "snrd_gm": 93.37614545792985,
  "snrd_total": 84.27020374463457,
  "snrd_wm": 122.68559944394717,
  "spacing_x": 0.8000030517578125,
  "spacing_y": 0.75,
  "spacing_z": 0.75,
  "summary_bg_k": 6.138714104749772,
  "summary_bg_mad": 5.340236301594076,
  "summary_bg_mean": 4.958037633399432,
  "summary_bg_median": 3.6019346490502357,
  "summary_bg_n": 5232579.0,
  "summary_bg_p05": 0.0,
  "summary_bg_p95": 18.704332070425153,
  "summary_bg_stdv": 6.847857670888605,
  "summary_csf_k": 2.049913929960516,
  "summary_csf_mad": 67.51584467015368,
  "summary_csf_mean": 309.0865216955984,
  "summary_csf_median": 299.55232227779925,
  "summary_csf_n": 150245.0,
  "summary_csf_p05": 164.17103568278253,
  "summary_csf_p95": 488.6538913529366,
  "summary_csf_stdv": 95.69019152226583,
  "summary_gm_k": 0.22532113384931218,
  "summary_gm_mad": 50.922967590200656,
  "summary_gm_mean": 759.1502538040183,
  "summary_gm_median": 761.140247553587,
  "summary_gm_n": 117198.0,
  "summary_gm_p05": 670.7535567513667,
  "summary_gm_p95": 841.1546529717743,
  "summary_gm_stdv": 52.14759727581092,
  "summary_wm_k": 0.6944356188892433,
  "summary_wm_mad": 44.40025039325361,
  "summary_wm_mean": 1000.0676110165966,
  "summary_wm_median": 1000.0514272041619,
  "summary_wm_n": 443373.0,
  "summary_wm_p05": 922.68701656349,
  "summary_wm_p95": 1080.5032104011625,
  "summary_wm_stdv": 48.11381687037846,
  "tpm_overlap_csf": 0.16558493351949038,
  "tpm_overlap_gm": 0.46106827364062963,
  "tpm_overlap_wm": 0.49559128544421654,
  "wm2max": 0.8286786338634716
}