{
  "bids_meta": {
    "AcquisitionNumber": 1,
    "ConversionSoftware": "dcm2niix",
    "ConversionSoftwareVersion": "v1.0.20170724 (OpenJPEG build) GCC6.1.0",
    "EchoTime": 0.567,
    "EchoTrainLength": 167,
    "FlipAngle": 120,
    "ImageType": [
      "ORIGINAL",
      "PRIMARY",
      "M",
      "ND",
      "NORM"
    ],
    "MagneticFieldStrength": 3,
    "Manufacturer": "Siemens",
    "ManufacturersModelName": "TrioTim",
    "PhaseEncodingDirection": "i-",
    "PhaseEncodingLines": 302,
    "ProtocolName": "HCP_T2",
    "RepetitionTime": 3.2,
    "ScanningSequence": "SE",
    "SequenceVariant": "SK_SP",
    "dataset": "ds001595",
    "modality": "T2w",
    "subject_id": "1"
  },
  "cjv": 0.30432072213860817,
  "cnr": 1.902581489214443,
  "efc": 0.5327186759844701,
  "fber": -1.0,
  "fwhm_avg": 2.674816761970156,
  "fwhm_x": 2.5464902859104694,
  "fwhm_y": 2.97592,
  "fwhm_z": 2.50204,
  "icvs_csf": 0.24178860432902716,
  "icvs_gm": 0.6316906617849057,
  "icvs_wm": 0.12652073388606708,
  "inu_med": 0.9602807760238647,
  "inu_range": 0.3071644604206085,
  "provenance": {
    "md5sum": "3417e03fd098e42ef6afc07f4d7e8bdc",
    "settings": {
      "testing": false
    },
    "software": "mriqc",
    "version": "22.0.6",
    "warnings": {
      "large_rot_frame": true,
      "small_air_mask": false
    },
    "webapi_port": null,
    "webapi_url": "https://mriqc.nimh.nih.gov/api/v1"
  },
  "qi_1": 0.005950534516639916,
  "qi_2": 0.08081997726464069,
  "rpve_csf": 15.675257354462987,
  "rpve_gm": 8.638318856005698,
  "rpve_wm": 43.5282835539,
  "size_x": 208,
  "size_y": 300,
  "size_z": 320,
  "snr_csf": 4.833635884939866,
  "snr_gm": 7.870437264569055,
  "snr_total": 5.1967478936216365,
  "snr_wm": 2.8861705313559884,
  "snrd_csf": 125.42956888128674,
  "snrd_gm": 71.28470934234109,
  "snrd_total": 136.33371175002887,
  "snrd_wm": 212.2868570264588,
  "spacing_x": 0.8000030517578125,
  "spacing_y": 0.75,
  "spacing_z": 0.75,
  "summary_bg_k": 14.772098355813597,
  "summary_bg_mad": 0.0,
  "summary_bg_mean": 1.3785297385416913,
  "summary_bg_median": 0.0,
  "summary_bg_n": 4522145.0,
  "summary_bg_p05": 0.0,
  "summary_bg_p95": 8.48491045832634,
  "summary_bg_stdv": 3.0841611005139726,
  "summary_csf_k": 0.23040510509430634,
  "summary_csf_mad": 99.28580567404694,
  "summary_csf_mean": 624.1607704143241,
  "summary_csf_median": 590.4800850600004,
  "summary_csf_n": 28838.0,
  "summary_csf_p05": 477.3858612783253,
  "summary_csf_p95": 850.6840057820082,
  "summary_csf_stdv": 122.15852851658111,
  "summary_gm_k": 0.22033924306057928,
  "summary_gm_mad": 41.78056091868846,
  "summary_gm_mean": 338.75833750988085,
  "summary_gm_median": 335.5843571126461,
  "summary_gm_n": 644464.0,
  "summary_gm_p05": 274.55038768053055,
  "summary_gm_p95": 414.2849758565426,
  "summary_gm_stdv": 42.638558122303635,
  "summary_wm_k": 1.0703954275340877,
  "summary_wm_mad": 160.22465289035944,
  "summary_wm_mean": 863.5623004495387,
  "summary_wm_median": 999.374888330698,
  "summary_wm_n": 59909.0,
  "summary_wm_p05": 41.54736831188203,
  "summary_wm_p95": 1135.0719708055258,
  "summary_wm_stdv": 346.26039475641204,
  "tpm_overlap_csf": 0.12288675652559612,
  "tpm_overlap_gm": 0.3948426906067992,
  "tpm_overlap_wm": 0.03564763968101941,
  "wm2max": 0.8889091439404988
}