{
  "aor": 0.0022712096774193547,
  "aqi": 0.003962035403225806,
  "bids_meta": {
    "AcquisitionNumber": 1,
    "BandwidthPerPixelPhaseEncode": 28.409,
    "ConversionSoftware": "dcm2niix",
    "ConversionSoftwareVersion": "v1.0.20170724 (OpenJPEG build) GCC6.1.0",
    "EchoTime": 0.032,
    "EffectiveEchoSpacing": 0.000550002,
    "FlipAngle": 90,
    "ImageType": [
      "ORIGINAL",
      "PRIMARY",
      "M",
      "ND",
      "MOSAIC"
    ],
    "MagneticFieldStrength": 3,
    "Manufacturer": "Siemens",
    "ManufacturersModelName": "TrioTim",
    "PhaseEncodingDirection": "j-",
    "PhaseEncodingLines": 64,
    "ProtocolName": "bbl1_restbold1_124",
    "RepetitionTime": 3,
    "ScanningSequence": "EP",
    "SequenceName": "_epfid2d1_64",
    "SequenceVariant": "SK",
    "SeriesDescription": "bbl1_restbold1_124",
    "SliceTiming": [
      1.5075,
      0,
      1.5725,
      0.065,
      1.6375,
      0.1325,
      1.7025,
      0.1975,
      1.7675,
      0.2625,
      1.8325,
      0.3275,
      1.9,
      0.3925,
      1.965,
      0.46,
      2.03,
      0.525,
      2.095,
      0.59,
      2.16,
      0.655,
      2.2275,
      0.72,
      2.2925,
      0.785,
      2.3575,
      0.8525,
      2.4225,
      0.9175,
      2.4875,
      0.9825,
      2.555,
      1.0475,
      2.62,
      1.1125,
      2.685,
      1.18,
      2.75,
      1.245,
      2.815,
      1.31,
      2.8825,
      1.375,
      2.9475,
      1.44
    ],
    "TaskName": "rest",
    "TotalReadoutTime": 0.0346501,
    "dataset": "ds001595",
    "modality": "bold",
    "subject_id": "1",
    "task_id": "rest"
  },
  "dummy_trs": 0,
  "dvars_nstd": 21.28453250065042,
  "dvars_std": 1.1620495891056912,
  "dvars_vstd": 0.9691375395934958,
  "efc": 0.569610290622386,
  "fber": 401.1258239746094,
  "fd_mean": 0.06167990546463126,
  "fd_num": 1,
  "fd_perc": 0.8064516129032258,
  "fwhm_avg": 2.6886077777777775,
  "fwhm_x": 2.5211099999999997,
  "fwhm_y": 2.8280766666666666,
  "fwhm_z": 2.7166366666666666,
  "gcor": 0.0295116,
  "gsr_x": -0.011724402196705341,
  "gsr_y": 0.092314712703228,
  "provenance": {
    "md5sum": "3607aa1659a0300a393581f733d0eab7",
    "settings": {
      "fd_thres": 0.2,
      "testing": false
    },
    "software": "mriqc",
    "version": "22.0.6",
    "webapi_port": null,
    "webapi_url": "https://mriqc.nimh.nih.gov/api/v1"
  },
  "size_t": 124,
  "size_x": 64,
  "size_y": 64,
  "size_z": 46,
  "snr": 2.6246987620841593,
  "spacing_tr": 3.0,
  "spacing_x": 3.0,
  "spacing_y": 3.0,
  "spacing_z": 3.0,
  "summary_bg_k": 22.751493220852684,
  "summary_bg_mad": 10.139084953589565,
  "summary_bg_mean": 57.38950729370117,
  "summary_bg_median": 28.90322494506836,
  "summary_bg_n": 107381.0,
  "summary_bg_p05": 21.516128540039062,
  "summary_bg_p95": 203.32257080078125,
  "summary_bg_stdv": 74.1556625366211,
  "summary_fg_k": 3.687218259276757,
  "summary_fg_mad": 191.45897389986138,
  "summary_fg_mean": 645.6514892578125,
  "summary_fg_median": 604.3064575195312,
  "summary_fg_n": 39267.0,
  "summary_fg_p05": 356.6314453125,
  "summary_fg_p95": 1077.9032470703119,
  "summary_fg_stdv": 230.2354736328125,
  "tsnr": 64.8950817482546
}